GEM
  remote: https://rubygems.org/
  specs:
    activesupport (6.1.0)
      concurrent-ruby (~> 1.0, >= 1.0.2)
      i18n (>= 1.6, < 2)
      minitest (>= 5.1)
      tzinfo (~> 2.0)
      zeitwerk (~> 2.3)
    concurrent-ruby (1.1.7)
    diff-lcs (1.4.4)
    graphql (1.11.6)
    graphql-client (0.16.0)
      activesupport (>= 3.0)
      graphql (~> 1.8)
    i18n (1.8.5)
      concurrent-ruby (~> 1.0)
    json (2.3.0)
    minitest (5.14.2)
    rdoc (6.2.1)
    rspec (3.10.0)
      rspec-core (~> 3.10.0)
      rspec-expectations (~> 3.10.0)
      rspec-mocks (~> 3.10.0)
    rspec-core (3.10.0)
      rspec-support (~> 3.10.0)
    rspec-expectations (3.10.0)
      diff-lcs (>= 1.2.0, < 2.0)
      rspec-support (~> 3.10.0)
    rspec-mocks (3.10.0)
      diff-lcs (>= 1.2.0, < 2.0)
      rspec-support (~> 3.10.0)
    rspec-support (3.10.0)
    tzinfo (2.0.4)
      concurrent-ruby (~> 1.0)
    zeitwerk (2.4.2)

PLATFORMS
  x64-mingw32

DEPENDENCIES
  graphql-client
  json
  rdoc
  rspec

BUNDLED WITH
   2.1.4
